PATH
  remote: .
  specs:
    levenshtein (0.1.0)
      helix_runtime (~> 0.5.0)

GEM
  remote: https://rubygems.org/
  specs:
    helix_runtime (0.5.0)
      rake (>= 10.0)
      thor (~> 0.19.4)
    minitest (5.10.1)
    rake (12.0.0)
    thor (0.19.4)

PLATFORMS
  ruby

DEPENDENCIES
  levenshtein!
  minitest (~> 5.0)

BUNDLED WITH
   1.14.6
